GIT
  remote: git://github.com/tadd/braille-ja.git
  revision: 8c6b0207efc5265a8643db32c9d95818b7650c27
  specs:
    braille-ja (0.0.0)

GEM
  remote: https://rubygems.org/
  specs:
    backports (3.6.0)
    dalli (2.7.0)
    diff-lcs (1.2.5)
    kgio (2.9.2)
    multi_json (1.9.2)
    rack (1.5.2)
    rack-protection (1.5.2)
      rack
    rack-test (0.6.2)
      rack (>= 1.0)
    raindrops (0.13.0)
    rspec (2.14.1)
      rspec-core (~> 2.14.0)
      rspec-expectations (~> 2.14.0)
      rspec-mocks (~> 2.14.0)
    rspec-core (2.14.8)
    rspec-expectations (2.14.5)
      diff-lcs (>= 1.1.3, < 2.0)
    rspec-mocks (2.14.6)
    sinatra (1.4.4)
      rack (~> 1.4)
      rack-protection (~> 1.4)
      tilt (~> 1.3, >= 1.3.4)
    sinatra-contrib (1.4.2)
      backports (>= 2.0)
      multi_json
      rack-protection
      rack-test
      sinatra (~> 1.4.0)
      tilt (~> 1.3)
    tilt (1.4.1)
    unicorn (4.8.2)
      kgio (~> 2.6)
      rack
      raindrops (~> 0.7)

PLATFORMS
  ruby

DEPENDENCIES
  braille-ja!
  dalli
  rack-test
  rspec
  sinatra
  sinatra-contrib
  unicorn
