GIT
  remote: git://github.com/tadd/braille-ja.git
  revision: 8cc1f5faa39b64977287ce2371cbbf613fb7dc40
  specs:
    braille-ja (0.0.0)

GEM
  remote: https://rubygems.org/
  specs:
    rack (1.5.2)
    rack-protection (1.5.0)
      rack
    sinatra (1.4.3)
      rack (~> 1.4)
      rack-protection (~> 1.4)
      tilt (~> 1.3, >= 1.3.4)
    tilt (1.4.1)

PLATFORMS
  ruby

DEPENDENCIES
  braille-ja!
  sinatra
