GIT
  remote: git://github.com/tadd/braille-ja.git
  revision: 1188bbdf219fa6982b2eb6d3ea6ebf6c29d736bc
  specs:
    braille-ja (0.0.0)

GEM
  remote: https://rubygems.org/
  specs:
    backports (3.3.5)
    dalli (2.6.4)
    diff-lcs (1.2.4)
    kgio (2.8.1)
    multi_json (1.8.2)
    rack (1.5.2)
    rack-protection (1.5.0)
      rack
    rack-test (0.6.2)
      rack (>= 1.0)
    raindrops (0.12.0)
    rspec (2.14.1)
      rspec-core (~> 2.14.0)
      rspec-expectations (~> 2.14.0)
      rspec-mocks (~> 2.14.0)
    rspec-core (2.14.6)
    rspec-expectations (2.14.3)
      diff-lcs (>= 1.1.3, < 2.0)
    rspec-mocks (2.14.4)
    sinatra (1.4.3)
      rack (~> 1.4)
      rack-protection (~> 1.4)
      tilt (~> 1.3, >= 1.3.4)
    sinatra-contrib (1.4.1)
      backports (>= 2.0)
      multi_json
      rack-protection
      rack-test
      sinatra (~> 1.4.0)
      tilt (~> 1.3)
    tilt (1.4.1)
    unicorn (4.6.3)
      kgio (~> 2.6)
      rack
      raindrops (~> 0.7)

PLATFORMS
  ruby

DEPENDENCIES
  braille-ja!
  dalli
  rack-test
  rspec
  sinatra
  sinatra-contrib
  unicorn
